GEM
  remote: https://rubygems.org/
  specs:
    colorize (0.5.8)
    redcarpet (3.0.0)
    syntax (1.0.0)

PLATFORMS
  ruby

DEPENDENCIES
  colorize
  redcarpet
  syntax
